GIT
  remote: https://github.com/libbymiller/radiodan.git
  revision: f92739c3c011744eb347ea79112c11ea32f5fc6b
  specs:
    radiodan (0.0.4)
      active_support (~> 3.0.0)
      em-http-request (~> 1.0.3)
      em-simple_telnet (~> 0.0.6)
      em-synchrony (~> 1.0.3)
      eventmachine (~> 1.0.3)
      i18n (~> 0.6.4)

GEM
  remote: https://rubygems.org/
  specs:
    active_support (3.0.0)
      activesupport (= 3.0.0)
    activesupport (3.0.0)
    addressable (2.3.5)
    async_sinatra (1.1.0)
      rack (>= 1.4.1)
      sinatra (>= 1.3.2)
    coderay (1.0.9)
    cookiejar (0.3.0)
    daemons (1.1.9)
    em-http-request (1.0.3)
      addressable (>= 2.2.3)
      cookiejar
      em-socksify
      eventmachine (>= 1.0.0.beta.4)
      http_parser.rb (>= 0.5.3)
    em-simple_telnet (0.0.14)
      eventmachine (>= 1.0.0)
    em-socksify (0.3.0)
      eventmachine (>= 1.0.0.beta.4)
    em-synchrony (1.0.3)
      eventmachine (>= 1.0.0.beta.1)
    eventmachine (1.0.3)
    faye (0.8.9)
      cookiejar (>= 0.3.0)
      em-http-request (>= 0.3.0)
      eventmachine (>= 0.12.0)
      faye-websocket (>= 0.4.0)
      rack (>= 1.0.0)
      yajl-ruby (>= 1.0.0)
    faye-websocket (0.6.3)
      eventmachine (>= 0.12.0)
      websocket-driver (>= 0.2.0)
    http_parser.rb (0.5.3)
    i18n (0.6.5)
    method_source (0.8.2)
    mime-types (1.24)
    pry (0.9.12.2)
      coderay (~> 1.0.5)
      method_source (~> 0.8)
      slop (~> 3.4)
    rack (1.5.2)
    rack-protection (1.5.0)
      rack
    rest-client (1.6.7)
      mime-types (>= 1.16)
    settingslogic (2.0.9)
    sinatra (1.4.3)
      rack (~> 1.4)
      rack-protection (~> 1.4)
      tilt (~> 1.3, >= 1.3.4)
    slop (3.4.6)
    thin (1.5.1)
      daemons (>= 1.0.9)
      eventmachine (>= 0.12.6)
      rack (>= 1.0.0)
    tilt (1.4.1)
    websocket-driver (0.2.3)
    yajl-ruby (1.1.0)

PLATFORMS
  ruby

DEPENDENCIES
  async_sinatra (~> 1.1.0)
  faye
  pry
  radiodan!
  rest-client
  settingslogic
  sinatra (~> 1.4.2)
  thin
